GEM
  remote: https://rubygems.org/
  specs:
    addressable (2.5.0)
      public_suffix (~> 2.0, >= 2.0.2)
    autoprefixer-rails (6.5.3)
      execjs
    bourbon (4.2.7)
      sass (~> 3.4)
      thor (~> 0.19)
    coffee-script (2.4.1)
      coffee-script-source
      execjs
    coffee-script-source (1.10.0)
    colorator (1.1.0)
    concurrent-ruby (1.0.2)
    execjs (2.7.0)
    extras (0.1.0)
      forwardable-extended (~> 2.5)
    fastimage (2.0.1)
      addressable (~> 2)
    ffi (1.9.14)
    forwardable-extended (2.6.0)
    haml (4.0.7)
      tilt
    jekyll (3.3.0)
      addressable (~> 2.4)
      colorator (~> 1.0)
      jekyll-sass-converter (~> 1.0)
      jekyll-watch (~> 1.1)
      kramdown (~> 1.3)
      liquid (~> 3.0)
      mercenary (~> 0.3.3)
      pathutil (~> 0.9)
      rouge (~> 1.7)
      safe_yaml (~> 1.0)
    jekyll-assets (2.2.8)
      extras (~> 0.1)
      fastimage (~> 2.0, >= 1.8)
      jekyll (~> 3.1, >= 3.0)
      pathutil (>= 0.8)
      rack (> 1, < 2)
      sprockets (~> 3.3, < 3.7)
    jekyll-haml (0.1.4)
      haml (>= 3.0.0)
      jekyll (>= 0.10.0)
    jekyll-sass-converter (1.4.0)
      sass (~> 3.4)
    jekyll-watch (1.5.0)
      listen (~> 3.0, < 3.1)
    kramdown (1.12.0)
    liquid (3.0.6)
    listen (3.0.8)
      rb-fsevent (~> 0.9, >= 0.9.4)
      rb-inotify (~> 0.9, >= 0.9.7)
    mercenary (0.3.6)
    mini_magick (4.5.1)
    neat (1.8.0)
      sass (>= 3.3)
      thor (~> 0.19)
    octopress-autoprefixer (2.0.0)
      autoprefixer-rails
      jekyll (~> 3.0)
    pathutil (0.14.0)
      forwardable-extended (~> 2.6)
    public_suffix (2.0.4)
    rack (1.6.5)
    rb-fsevent (0.9.8)
    rb-inotify (0.9.7)
      ffi (>= 0.5.0)
    rouge (1.11.1)
    safe_yaml (1.0.4)
    sass (3.4.22)
    sprockets (3.6.3)
      concurrent-ruby (~> 1.0)
      rack (> 1, < 3)
    thor (0.19.1)
    tilt (2.0.5)
    uglifier (3.0.3)
      execjs (>= 0.3.0, < 3)

PLATFORMS
  ruby

DEPENDENCIES
  bourbon
  coffee-script
  jekyll
  jekyll-assets
  jekyll-haml
  mini_magick
  neat
  octopress-autoprefixer
  sass
  uglifier

BUNDLED WITH
   1.11.2
